GEM
  remote: https://rubygems.org/
  specs:
    actioncable (6.0.4.7)
      actionpack (= 6.0.4.7)
      nio4r (~> 2.0)
      websocket-driver (>= 0.6.1)
    actionmailbox (6.0.4.7)
      actionpack (= 6.0.4.7)
      activejob (= 6.0.4.7)
      activerecord (= 6.0.4.7)
      activestorage (= 6.0.4.7)
      activesupport (= 6.0.4.7)
      mail (>= 2.7.1)
    actionmailer (6.0.4.7)
      actionpack (= 6.0.4.7)
      actionview (= 6.0.4.7)
      activejob (= 6.0.4.7)
      mail (~> 2.5, >= 2.5.4)
      rails-dom-testing (~> 2.0)
    actionpack (6.0.4.7)
      actionview (= 6.0.4.7)
      activesupport (= 6.0.4.7)
      rack (~> 2.0, >= 2.0.8)
      rack-test (>= 0.6.3)
      rails-dom-testing (~> 2.0)
      rails-html-sanitizer (~> 1.0, >= 1.2.0)
    actiontext (6.0.4.7)
      actionpack (= 6.0.4.7)
      activerecord (= 6.0.4.7)
      activestorage (= 6.0.4.7)
      activesupport (= 6.0.4.7)
      nokogiri (>= 1.8.5)
    actionview (6.0.4.7)
      activesupport (= 6.0.4.7)
      builder (~> 3.1)
      erubi (~> 1.4)
      rails-dom-testing (~> 2.0)
      rails-html-sanitizer (~> 1.1, >= 1.2.0)
    activejob (6.0.4.7)
      activesupport (= 6.0.4.7)
      globalid (>= 0.3.6)
    activemodel (6.0.4.7)
      activesupport (= 6.0.4.7)
    activerecord (6.0.4.7)
      activemodel (= 6.0.4.7)
      activesupport (= 6.0.4.7)
    activestorage (6.0.4.7)
      actionpack (= 6.0.4.7)
      activejob (= 6.0.4.7)
      activerecord (= 6.0.4.7)
      marcel (~> 1.0.0)
    activesupport (6.0.4.7)
      concurrent-ruby (~> 1.0, >= 1.0.2)
      i18n (>= 0.7, < 2)
      minitest (~> 5.1)
      tzinfo (~> 1.1)
      zeitwerk (~> 2.2, >= 2.2.2)
    addressable (2.8.0)
      public_suffix (>= 2.0.2, < 5.0)
    ast (2.4.2)
    awesome_print (1.9.2)
    bootsnap (1.11.1)
      msgpack (~> 1.2)
    builder (3.2.4)
    coderay (1.1.3)
    concurrent-ruby (1.1.10)
    connection_pool (2.2.5)
    coveralls (0.8.23)
      json (>= 1.8, < 3)
      simplecov (~> 0.16.1)
      term-ansicolor (~> 1.3)
      thor (>= 0.19.4, < 2.0)
      tins (~> 1.6)
    crack (0.4.5)
      rexml
    crass (1.0.6)
    database_cleaner-active_record (2.0.1)
      activerecord (>= 5.a)
      database_cleaner-core (~> 2.0.0)
    database_cleaner-core (2.0.1)
    diff-lcs (1.5.0)
    docile (1.4.0)
    dotenv (2.7.6)
    dotenv-rails (2.7.6)
      dotenv (= 2.7.6)
      railties (>= 3.2)
    down (5.3.1)
      addressable (~> 2.8)
    erubi (1.10.0)
    factory_bot (6.2.1)
      activesupport (>= 5.0.0)
    factory_bot_rails (6.2.0)
      factory_bot (~> 6.2.0)
      railties (>= 5.0.0)
    faker (2.20.0)
      i18n (>= 1.8.11, < 2)
    faraday (1.10.0)
      faraday-em_http (~> 1.0)
      faraday-em_synchrony (~> 1.0)
      faraday-excon (~> 1.1)
      faraday-httpclient (~> 1.0)
      faraday-multipart (~> 1.0)
      faraday-net_http (~> 1.0)
      faraday-net_http_persistent (~> 1.0)
      faraday-patron (~> 1.0)
      faraday-rack (~> 1.0)
      faraday-retry (~> 1.0)
      ruby2_keywords (>= 0.0.4)
    faraday-em_http (1.0.0)
    faraday-em_synchrony (1.0.0)
    faraday-excon (1.1.0)
    faraday-httpclient (1.0.1)
    faraday-multipart (1.0.3)
      multipart-post (>= 1.2, < 3)
    faraday-net_http (1.0.1)
    faraday-net_http_persistent (1.2.0)
    faraday-patron (1.0.0)
    faraday-rack (1.0.0)
    faraday-retry (1.0.3)
    ffi (1.15.5)
    friendly_id (5.4.2)
      activerecord (>= 4.0.0)
    globalid (1.0.0)
      activesupport (>= 5.0)
    hashdiff (1.0.1)
    i18n (1.10.0)
      concurrent-ruby (~> 1.0)
    jaro_winkler (1.5.4)
    jbuilder (2.11.5)
      actionview (>= 5.0.0)
      activesupport (>= 5.0.0)
    json (2.6.1)
    json-schema (2.8.1)
      addressable (>= 2.4)
    listen (3.1.5)
      rb-fsevent (~> 0.9, >= 0.9.4)
      rb-inotify (~> 0.9, >= 0.9.7)
      ruby_dep (~> 1.2)
    loofah (2.16.0)
      crass (~> 1.0.2)
      nokogiri (>= 1.5.9)
    mail (2.7.1)
      mini_mime (>= 0.1.1)
    marcel (1.0.2)
    method_source (1.0.0)
    mini_mime (1.1.2)
    mini_portile2 (2.8.0)
    minitest (5.15.0)
    msgpack (1.5.1)
    multipart-post (2.1.1)
    net-http-persistent (4.0.1)
      connection_pool (~> 2.2)
    nio4r (2.5.8)
    noid (0.9.0)
    noid-rails (3.0.3)
      actionpack (>= 5.0.0, < 7)
      noid (~> 0.9)
    nokogiri (1.13.4)
      mini_portile2 (~> 2.8.0)
      racc (~> 1.4)
    oj (3.13.11)
    parallel (1.22.1)
    parser (3.1.2.0)
      ast (~> 2.4.1)
    pg (1.3.5)
    pry (0.13.1)
      coderay (~> 1.1)
      method_source (~> 1.0)
    pry-rails (0.3.9)
      pry (>= 0.10.4)
    public_suffix (4.0.7)
    puma (5.6.4)
      nio4r (~> 2.0)
    racc (1.6.0)
    rack (2.2.3)
    rack-cors (1.1.1)
      rack (>= 2.0.0)
    rack-test (1.1.0)
      rack (>= 1.0, < 3)
    rails (6.0.4.7)
      actioncable (= 6.0.4.7)
      actionmailbox (= 6.0.4.7)
      actionmailer (= 6.0.4.7)
      actionpack (= 6.0.4.7)
      actiontext (= 6.0.4.7)
      actionview (= 6.0.4.7)
      activejob (= 6.0.4.7)
      activemodel (= 6.0.4.7)
      activerecord (= 6.0.4.7)
      activestorage (= 6.0.4.7)
      activesupport (= 6.0.4.7)
      bundler (>= 1.3.0)
      railties (= 6.0.4.7)
      sprockets-rails (>= 2.0.0)
    rails-controller-testing (1.0.5)
      actionpack (>= 5.0.1.rc1)
      actionview (>= 5.0.1.rc1)
      activesupport (>= 5.0.1.rc1)
    rails-dom-testing (2.0.3)
      activesupport (>= 4.2.0)
      nokogiri (>= 1.6)
    rails-html-sanitizer (1.4.2)
      loofah (~> 2.3)
    railties (6.0.4.7)
      actionpack (= 6.0.4.7)
      activesupport (= 6.0.4.7)
      method_source
      rake (>= 0.8.7)
      thor (>= 0.20.3, < 2.0)
    rainbow (3.1.1)
    rake (13.0.6)
    rb-fsevent (0.11.1)
    rb-inotify (0.10.1)
      ffi (~> 1.0)
    redis (4.6.0)
    rexml (3.2.5)
    rsolr (2.5.0)
      builder (>= 2.1.2)
      faraday (>= 0.9, < 3, != 2.0.0)
    rspec-core (3.11.0)
      rspec-support (~> 3.11.0)
    rspec-expectations (3.11.0)
      diff-lcs (>= 1.2.0, < 2.0)
      rspec-support (~> 3.11.0)
    rspec-mocks (3.11.1)
      diff-lcs (>= 1.2.0, < 2.0)
      rspec-support (~> 3.11.0)
    rspec-rails (5.1.1)
      actionpack (>= 5.2)
      activesupport (>= 5.2)
      railties (>= 5.2)
      rspec-core (~> 3.10)
      rspec-expectations (~> 3.10)
      rspec-mocks (~> 3.10)
      rspec-support (~> 3.10)
    rspec-support (3.11.0)
    rswag-api (2.5.1)
      railties (>= 3.1, < 7.1)
    rswag-specs (2.5.1)
      activesupport (>= 3.1, < 7.1)
      json-schema (~> 2.2)
      railties (>= 3.1, < 7.1)
    rubocop (0.75.1)
      jaro_winkler (~> 1.5.1)
      parallel (~> 1.10)
      parser (>= 2.6)
      rainbow (>= 2.2.2, < 4.0)
      ruby-progressbar (~> 1.7)
      unicode-display_width (>= 1.4.0, < 1.7)
    rubocop-performance (1.6.1)
      rubocop (>= 0.71.0)
    rubocop-rails (2.4.2)
      rack (>= 1.1)
      rubocop (>= 0.72.0)
    rubocop-rspec (1.41.0)
      rubocop (>= 0.68.1)
    ruby-progressbar (1.11.0)
    ruby2_keywords (0.0.5)
    ruby_dep (1.5.0)
    sd_notify (0.1.1)
    shoulda-matchers (5.1.0)
      activesupport (>= 5.2.0)
    simplecov (0.16.1)
      docile (~> 1.1)
      json (>= 1.8, < 3)
      simplecov-html (~> 0.10.0)
    simplecov-html (0.10.2)
    sprockets (4.0.3)
      concurrent-ruby (~> 1.0)
      rack (> 1, < 3)
    sprockets-rails (3.4.2)
      actionpack (>= 5.2)
      activesupport (>= 5.2)
      sprockets (>= 3.0.0)
    sync (0.5.0)
    term-ansicolor (1.7.1)
      tins (~> 1.0)
    thor (1.2.1)
    thread_safe (0.3.6)
    tins (1.31.0)
      sync
    tzinfo (1.2.9)
      thread_safe (~> 0.1)
    unicode-display_width (1.6.1)
    vcr (6.1.0)
    webmock (3.14.0)
      addressable (>= 2.8.0)
      crack (>= 0.3.2)
      hashdiff (>= 0.4.0, < 2.0.0)
    websocket-driver (0.7.5)
      websocket-extensions (>= 0.1.0)
    websocket-extensions (0.1.5)
    zeitwerk (2.5.4)

PLATFORMS
  ruby

DEPENDENCIES
  awesome_print (~> 1.9)
  bootsnap (>= 1.1.0)
  connection_pool (~> 2.2)
  coveralls
  database_cleaner-active_record (~> 2)
  dotenv-rails (~> 2.7)
  down (~> 5.2)
  factory_bot_rails (~> 6.2)
  faker (~> 2.19)
  faraday (~> 1.9, < 2)
  friendly_id (~> 5.4)
  jbuilder (~> 2.11)
  listen (>= 3.0.5, < 3.2)
  net-http-persistent (>= 3.1)
  noid-rails (~> 3.0)
  oj (~> 3.13)
  pg (>= 0.18, < 2.0)
  pry (~> 0.13.1)
  pry-rails
  puma (~> 5.6.4)
  rack-cors (~> 1.1)
  rails (~> 6.0.4, < 6.1)
  rails-controller-testing (~> 1.0)
  redis (~> 4.6)
  rsolr (~> 2.5)
  rspec-rails (~> 5.0)
  rswag-api (~> 2.4)
  rswag-specs (~> 2.4)
  rubocop (~> 0.75.1)
  rubocop-performance (~> 1.5)
  rubocop-rails (~> 2.4.2)
  rubocop-rspec
  sd_notify
  shoulda-matchers (~> 5.1)
  tzinfo-data
  vcr (~> 6)
  webmock (~> 3.14)

RUBY VERSION
   ruby 2.7.6p219

BUNDLED WITH
   2.3.11
